GIT
  remote: git://github.com/gkellogg/json-ld.git
  revision: 3eb8b24c72e340d13e5f0336a8f0b65c35ab4f3b
  specs:
    json-ld (0.9.0)
      backports
      json (>= 1.7.5)
      rdf (>= 1.0)

GIT
  remote: git://github.com/ruby-rdf/rdf-isomorphic.git
  revision: 91633d5af5c741fed0c23d625aad3e1f51c3e9b4
  specs:
    rdf-isomorphic (1.0.0)
      rdf (>= 1.0)

GIT
  remote: git://github.com/ruby-rdf/rdf-json.git
  revision: 69723fedfea9f6f02049c94080464047869628fc
  specs:
    rdf-json (1.0.0)
      json_pure (>= 1.4)
      rdf (>= 1.0)

GIT
  remote: git://github.com/ruby-rdf/rdf-microdata.git
  revision: 6f4f54b8bb07eaae8979f2359799e2441e04f1b5
  specs:
    rdf-microdata (1.0.0)
      htmlentities (>= 4.3.0)
      json (>= 1.7.6)
      rdf (>= 1.0)
      rdf-xsd (>= 1.0)

GIT
  remote: git://github.com/ruby-rdf/rdf-n3.git
  revision: 2690b0b7266acfe78fcb2d371f0559f0cf88dfd1
  specs:
    rdf-n3 (1.0.0)
      rdf (>= 1.0)

GIT
  remote: git://github.com/ruby-rdf/rdf-rdfa.git
  revision: 967cd3514d7aa14fd2389851d65850376c2f458e
  specs:
    rdf-rdfa (1.0.0)
      haml (>= 3.1.7)
      htmlentities (>= 4.3.1)
      rdf (>= 1.0)
      rdf-xsd (>= 1.0)

GIT
  remote: git://github.com/ruby-rdf/rdf-rdfxml.git
  revision: 0bd4f65d6265c6b6dabfc28efe02799b463fbb7c
  specs:
    rdf-rdfxml (1.0.0)
      rdf (>= 1.0)
      rdf-xsd (>= 1.0)

GIT
  remote: git://github.com/ruby-rdf/rdf-spec.git
  revision: a096cd9525b8db453db4efa01cd73af3981d051c
  specs:
    rdf-spec (1.0.0)
      rspec (>= 2.12)

GIT
  remote: git://github.com/ruby-rdf/rdf-trig.git
  revision: 2898efd9ffc75d8312db0b9efdceadb7b6403307
  specs:
    rdf-trig (1.0.0.beta1)
      rdf (>= 1.0)
      rdf-turtle (>= 1.0)

GIT
  remote: git://github.com/ruby-rdf/rdf-trix.git
  revision: 165980c10c507336884deb1186ca8348d34a06ca
  specs:
    rdf-trix (1.0.0)
      rdf (>= 1.0)

GIT
  remote: git://github.com/ruby-rdf/rdf-turtle.git
  revision: 8ddbc13f2d5df64f341f3fa2eb7b9b3659ca895f
  specs:
    rdf-turtle (1.0.0)
      rdf (>= 1.0)

GIT
  remote: git://github.com/ruby-rdf/rdf-xsd.git
  revision: 66a3e90f1f15db9c8620f4f87c1d74be3b224ea8
  specs:
    rdf-xsd (1.0.0)
      nokogiri (>= 1.5.0)
      rdf (>= 0.3.4)

GIT
  remote: git://github.com/ruby-rdf/rdf.git
  revision: 31b6934f127c6175ef709e243ae5cfec5bdab544
  specs:
    rdf (1.0.0)
      addressable (>= 2.2)

PATH
  remote: .
  specs:
    linkeddata (0.3.5)
      json-ld (>= 0.9.0)
      rdf (>= 1.0)
      rdf-isomorphic (>= 1.0)
      rdf-json (>= 1.0)
      rdf-microdata (>= 1.0)
      rdf-n3 (>= 1.0)
      rdf-rdfa (>= 1.0)
      rdf-rdfxml (>= 1.0)
      rdf-trig (>= 1.0.0.beta1)
      rdf-trix (>= 1.0)
      rdf-turtle (>= 1.0)

GEM
  remote: http://rubygems.org/
  specs:
    addressable (2.3.2)
    backports (2.7.0)
    diff-lcs (1.1.3)
    haml (3.1.7)
    htmlentities (4.3.1)
    json (1.7.6)
    json_pure (1.7.6)
    nokogiri (1.5.6)
    rspec (2.12.0)
      rspec-core (~> 2.12.0)
      rspec-expectations (~> 2.12.0)
      rspec-mocks (~> 2.12.0)
    rspec-core (2.12.2)
    rspec-expectations (2.12.1)
      diff-lcs (~> 1.1.3)
    rspec-mocks (2.12.1)
    wirble (0.1.3)
    yard (0.8.3)

PLATFORMS
  ruby

DEPENDENCIES
  json-ld!
  linkeddata!
  rdf!
  rdf-isomorphic!
  rdf-json!
  rdf-microdata!
  rdf-n3!
  rdf-rdfa!
  rdf-rdfxml!
  rdf-spec!
  rdf-trig!
  rdf-trix!
  rdf-turtle!
  rdf-xsd!
  rspec (>= 2.12.0)
  wirble
  yard (>= 0.8.3)
